GEM
  remote: https://rubygems.org/
  specs:
    coderay (1.1.2)
    ffi (1.10.0)
    method_source (0.9.2)
    pry (0.12.2)
      coderay (~> 1.1.0)
      method_source (~> 0.9.0)
    ruby-prof (0.17.0)

PLATFORMS
  ruby

DEPENDENCIES
  ffi
  pry
  ruby-prof

BUNDLED WITH
   1.16.0
