GEM
  remote: https://rubygems.org/
  specs:
    ansi (1.5.0)
    ast (2.4.0)
    atk (3.3.7)
      glib2 (= 3.3.7)
    builder (3.2.3)
    cairo (1.16.4)
      native-package-installer (>= 1.0.3)
      pkg-config (>= 1.2.2)
    cairo-gobject (3.3.7)
      cairo (>= 1.16.2)
      glib2 (= 3.3.7)
    coderay (1.1.2)
    docile (1.3.1)
    dotenv (2.7.1)
    ffi (1.10.0)
    gdk3 (3.3.7)
      cairo-gobject (= 3.3.7)
      gdk_pixbuf2 (= 3.3.7)
      pango (= 3.3.7)
    gdk_pixbuf2 (3.3.7)
      gio2 (= 3.3.7)
    gio2 (3.3.7)
      gobject-introspection (= 3.3.7)
    glib2 (3.3.7)
      native-package-installer (>= 1.0.3)
      pkg-config (>= 1.3.5)
    gobject-introspection (3.3.7)
      glib2 (= 3.3.7)
    gtk3 (3.3.7)
      atk (= 3.3.7)
      gdk3 (= 3.3.7)
      gdk_pixbuf2 (= 3.3.7)
      gio2 (= 3.3.7)
      pango (= 3.3.7)
    jaro_winkler (1.5.2)
    json (2.2.0)
    method_source (0.9.2)
    minitest (5.11.3)
    minitest-reporters (1.3.6)
      ansi
      builder
      minitest (>= 5.0)
      ruby-progressbar
    native-package-installer (1.0.7)
    pango (3.3.7)
      cairo-gobject (= 3.3.7)
      gobject-introspection (= 3.3.7)
    parallel (1.17.0)
    parser (2.6.3.0)
      ast (~> 2.4.0)
    pkg-config (1.3.8)
    pry (0.12.2)
      coderay (~> 1.1.0)
      method_source (~> 0.9.0)
    rainbow (3.0.0)
    rake (12.3.2)
    rubocop (0.71.0)
      jaro_winkler (~> 1.5.1)
      parallel (~> 1.10)
      parser (>= 2.6)
      rainbow (>= 2.2.2, < 4.0)
      ruby-progressbar (~> 1.7)
      unicode-display_width (>= 1.4.0, < 1.7)
    ruby-prof (0.17.0)
    ruby-progressbar (1.10.0)
    simplecov (0.16.1)
      docile (~> 1.1)
      json (>= 1.8, < 3)
      simplecov-html (~> 0.10.0)
    simplecov-html (0.10.2)
    unicode-display_width (1.6.0)
    yard (0.9.20)

PLATFORMS
  ruby

DEPENDENCIES
  dotenv
  ffi
  gtk3
  minitest
  minitest-reporters
  pry
  rake
  rubocop
  ruby-prof
  simplecov
  yard

BUNDLED WITH
   1.17.2
